GEM
  remote: http://rubygems.org/
  specs:
    aasm (3.4.0)
    actionmailer (4.2.11)
      actionpack (= 4.2.11)
      actionview (= 4.2.11)
      activejob (= 4.2.11)
      mail (~> 2.5, >= 2.5.4)
      rails-dom-testing (~> 1.0, >= 1.0.5)
    actionpack (4.2.11)
      actionview (= 4.2.11)
      activesupport (= 4.2.11)
      rack (~> 1.6)
      rack-test (~> 0.6.2)
      rails-dom-testing (~> 1.0, >= 1.0.5)
      rails-html-sanitizer (~> 1.0, >= 1.0.2)
    actionview (4.2.11)
      activesupport (= 4.2.11)
      builder (~> 3.1)
      erubis (~> 2.7.0)
      rails-dom-testing (~> 1.0, >= 1.0.5)
      rails-html-sanitizer (~> 1.0, >= 1.0.3)
    activejob (4.2.11)
      activesupport (= 4.2.11)
      globalid (>= 0.3.0)
    activemodel (4.2.11)
      activesupport (= 4.2.11)
      builder (~> 3.1)
    activerecord (4.2.11)
      activemodel (= 4.2.11)
      activesupport (= 4.2.11)
      arel (~> 6.0)
    activerecord-postgis-adapter (3.1.2)
      activerecord (>= 4.2.0)
      rgeo-activerecord (>= 4.0.4)
    activesupport (4.2.11)
      i18n (~> 0.7)
      minitest (~> 5.1)
      thread_safe (~> 0.3, >= 0.3.4)
      tzinfo (~> 1.1)
    addressable (2.6.0)
      public_suffix (>= 2.0.2, < 4.0)
    aes (0.5.0)
    archive-zip (0.7.0)
      io-like (~> 0.3.0)
    arel (6.0.4)
    armor (0.0.3)
    aws-sdk (2.6.12)
      aws-sdk-resources (= 2.6.12)
    aws-sdk-core (2.6.12)
      jmespath (~> 1.0)
    aws-sdk-resources (2.6.12)
      aws-sdk-core (= 2.6.12)
    barby (0.6.2)
    bcrypt (3.1.10)
    better_errors (2.1.1)
      coderay (>= 1.0.0)
      erubis (>= 2.6.6)
      rack (>= 0.9.0)
    binding_of_caller (0.8.0)
      debug_inspector (>= 0.0.1)
    bower-rails (0.9.2)
    builder (3.2.3)
    bullet (5.0.0)
      activesupport (>= 3.0.0)
      uniform_notifier (~> 1.9.0)
    cancancan (1.17.0)
    capybara (3.26.0)
      addressable
      mini_mime (>= 0.1.3)
      nokogiri (~> 1.8)
      rack (>= 1.6.0)
      rack-test (>= 0.6.3)
      regexp_parser (~> 1.5)
      xpath (~> 3.2)
    chromedriver-helper (0.0.9)
      archive-zip (~> 0.7.0)
      nokogiri (~> 1.6)
    chunky_png (1.3.4)
    cliver (0.3.2)
    coderay (1.1.2)
    coffee-rails (4.1.1)
      coffee-script (>= 2.2.0)
      railties (>= 4.0.0, < 5.1.x)
    coffee-script (2.4.1)
      coffee-script-source
      execjs
    coffee-script-source (1.12.2)
    commander (4.4.7)
      highline (~> 2.0.0)
    concurrent-ruby (1.1.5)
    crack (0.4.3)
      safe_yaml (~> 1.0.0)
    crass (1.0.4)
    crypt_keeper (1.1.1)
      activerecord (>= 4.2, < 5.2)
      activesupport (>= 4.2, < 5.2)
      aes (~> 0.5.0)
      armor (~> 0.0.2)
    daemons (1.3.1)
    dante (0.2.0)
    database_cleaner (1.7.0)
    debug_inspector (0.0.3)
    diff-lcs (1.3)
    digest-sha3 (1.1.0)
    docile (1.3.2)
    em-synchrony (1.0.6)
      eventmachine (>= 1.0.0.beta.1)
    erubis (2.7.0)
    et-orbi (1.2.1)
      tzinfo
    eth (0.4.4)
      digest-sha3 (~> 1.1)
      ffi (~> 1.0)
      money-tree (~> 0.9)
      rlp (~> 0.7.3)
    ethon (0.12.0)
      ffi (>= 1.3.0)
    eventmachine (1.2.7)
    execjs (2.7.0)
    factory_girl (4.9.0)
      activesupport (>= 3.0.0)
    factory_girl_rails (4.9.0)
      factory_girl (~> 4.9.0)
      railties (>= 3.0.0)
    faker (1.9.6)
      i18n (>= 0.7)
    faraday (0.15.4)
      multipart-post (>= 1.2, < 3)
    faye-websocket (0.10.0)
      eventmachine (>= 0.12.0)
      websocket-driver (>= 0.5.1)
    ffi (1.11.1)
    fugit (1.3.0)
      et-orbi (~> 1.1, >= 1.1.8)
      raabro (~> 1.1)
    gcm (0.1.0)
      httparty
      json
    get_process_mem (0.2.4)
      ffi (~> 1.0)
    globalid (0.4.2)
      activesupport (>= 4.2.0)
    hashdiff (1.0.0)
    highline (2.0.2)
    hiredis (0.6.3)
    houston (2.2.3)
      commander (~> 4.1)
      json
    httparty (0.17.0)
      mime-types (~> 3.0)
      multi_xml (>= 0.5.2)
    i18n (0.9.5)
      concurrent-ruby (~> 1.0)
    io-like (0.3.0)
    jmespath (1.4.0)
    json (2.2.0)
    jwt (2.2.1)
    kgio (2.11.2)
    koala (3.0.0)
      addressable
      faraday
      json (>= 1.8)
    loofah (2.2.3)
      crass (~> 1.0.2)
      nokogiri (>= 1.5.9)
    mail (2.7.1)
      mini_mime (>= 0.1.1)
    method_source (0.9.2)
    mime-types (3.2.2)
      mime-types-data (~> 3.2015)
    mime-types-data (3.2019.0331)
    mini_mime (1.0.2)
    mini_portile2 (2.4.0)
    minitest (5.11.3)
    money-tree (0.10.0)
      ffi
    mono_logger (1.1.0)
    multi_json (1.13.1)
    multi_xml (0.6.0)
    multipart-post (2.1.1)
    newrelic_rpm (3.18.1.330)
    nokogiri (1.10.3)
      mini_portile2 (~> 2.4.0)
    oj (3.8.1)
    paper_trail (4.0.2)
      activerecord (>= 3.0, < 6.0)
      activesupport (>= 3.0, < 6.0)
      request_store (~> 1.1)
    pg (0.21.0)
    phantomjs (1.9.8.0)
    poltergeist (1.18.1)
      capybara (>= 2.1, < 4)
      cliver (~> 0.3.1)
      websocket-driver (>= 0.2.0)
    possessive (1.0.0)
    provide-ruby (0.61.0)
      typhoeus (~> 1.3)
    pry (0.12.2)
      coderay (~> 1.1.0)
      method_source (~> 0.9.0)
    pry-highlight (0.1.0)
      coderay
      json
      nokogiri
      pry
    pry-stack_explorer (0.4.9.3)
      binding_of_caller (>= 0.7)
      pry (>= 0.9.11)
    public_suffix (3.1.1)
    raabro (1.1.6)
    rabl (0.11.6)
      activesupport (>= 2.3.14)
    rack (1.6.11)
    rack-cors (1.0.3)
    rack-protection (1.5.5)
      rack
    rack-test (0.6.3)
      rack (>= 1.0)
    rails (4.2.11)
      actionmailer (= 4.2.11)
      actionpack (= 4.2.11)
      actionview (= 4.2.11)
      activejob (= 4.2.11)
      activemodel (= 4.2.11)
      activerecord (= 4.2.11)
      activesupport (= 4.2.11)
      bundler (>= 1.3.0, < 2.0)
      railties (= 4.2.11)
      sprockets-rails
    rails-deprecated_sanitizer (1.0.3)
      activesupport (>= 4.2.0.alpha)
    rails-dom-testing (1.0.9)
      activesupport (>= 4.2.0, < 5.0)
      nokogiri (~> 1.6)
      rails-deprecated_sanitizer (>= 1.0.1)
    rails-html-sanitizer (1.0.4)
      loofah (~> 2.2, >= 2.2.2)
    railties (4.2.11)
      actionpack (= 4.2.11)
      activesupport (= 4.2.11)
      rake (>= 0.8.7)
      thor (>= 0.18.1, < 2.0)
    raindrops (0.19.0)
    rake (12.3.3)
    rb-fsevent (0.10.3)
    rb-inotify (0.10.0)
      ffi (~> 1.0)
    recaptcha (1.1.0)
      json
    redis (3.2.1)
    redis-namespace (1.6.0)
      redis (>= 3.0.4)
    redis-objects (1.2.1)
      redis (>= 3.0.2)
    regexp_parser (1.6.0)
    request_store (1.4.1)
      rack (>= 1.4)
    responders (2.4.1)
      actionpack (>= 4.2.0, < 6.0)
      railties (>= 4.2.0, < 6.0)
    resque (1.25.2)
      mono_logger (~> 1.0)
      multi_json (~> 1.0)
      redis-namespace (~> 1.3)
      sinatra (>= 0.9.2)
      vegas (~> 0.1.2)
    resque-pool (0.6.0)
      rake
      resque (~> 1.22)
    resque-scheduler (4.0.0)
      mono_logger (~> 1.0)
      redis (~> 3.0)
      resque (~> 1.25)
      rufus-scheduler (~> 3.0)
    resque_spec (0.17.0)
      resque (>= 1.19.0)
      rspec-core (>= 3.0.0)
      rspec-expectations (>= 3.0.0)
      rspec-mocks (>= 3.0.0)
    rgeo (0.6.0)
    rgeo-activerecord (4.0.5)
      activerecord (~> 4.2)
      rgeo (~> 0.3)
    rlp (0.7.3)
    rolify (4.0.0)
    rspec-core (3.8.2)
      rspec-support (~> 3.8.0)
    rspec-expectations (3.8.4)
      diff-lcs (>= 1.2.0, < 2.0)
      rspec-support (~> 3.8.0)
    rspec-mocks (3.8.1)
      diff-lcs (>= 1.2.0, < 2.0)
      rspec-support (~> 3.8.0)
    rspec-rails (3.8.2)
      actionpack (>= 3.0)
      activesupport (>= 3.0)
      railties (>= 3.0)
      rspec-core (~> 3.8.0)
      rspec-expectations (~> 3.8.0)
      rspec-mocks (~> 3.8.0)
      rspec-support (~> 3.8.0)
    rspec-support (3.8.2)
    rufus-scheduler (3.6.0)
      fugit (~> 1.1, >= 1.1.6)
    safe_yaml (1.0.5)
    sass (3.7.4)
      sass-listen (~> 4.0.0)
    sass-listen (4.0.0)
      rb-fsevent (~> 0.9, >= 0.9.4)
      rb-inotify (~> 0.9, >= 0.9.7)
    sass-rails (5.0.7)
      railties (>= 4.0.0, < 6)
      sass (~> 3.1)
      sprockets (>= 2.8, < 4.0)
      sprockets-rails (>= 2.0, < 4.0)
      tilt (>= 1.1, < 3)
    settingslogic (2.0.9)
    shortener (0.3.1)
      rails (>= 3.0.7)
    shoulda-matchers (2.8.0)
      activesupport (>= 3.0.0)
    simplecov (0.17.0)
      docile (~> 1.1)
      json (>= 1.8, < 3)
      simplecov-html (~> 0.10.0)
    simplecov-html (0.10.2)
    sinatra (1.4.8)
      rack (~> 1.5)
      rack-protection (~> 1.4)
      tilt (>= 1.3, < 3)
    slim (3.0.9)
      temple (>= 0.7.6, < 0.9)
      tilt (>= 1.3.3, < 2.1)
    slim-rails (3.1.3)
      actionpack (>= 3.1)
      railties (>= 3.1)
      slim (~> 3.0)
    sprockets (3.7.2)
      concurrent-ruby (~> 1.0)
      rack (> 1, < 3)
    sprockets-rails (3.2.1)
      actionpack (>= 4.0)
      activesupport (>= 4.0)
      sprockets (>= 3.0.0)
    stripe (3.3.1)
      faraday (~> 0.9)
    stripe-rails (1.1.1)
      rails (>= 3)
      responders
      stripe
    stripe-ruby-mock (2.5.8)
      dante (>= 0.2.0)
      multi_json (~> 1.0)
      stripe (>= 2.0.3)
    teaspoon (0.8.0)
      railties (>= 3.2.5, < 5)
    temple (0.8.1)
    thin (1.7.2)
      daemons (~> 1.0, >= 1.0.9)
      eventmachine (~> 1.0, >= 1.0.4)
      rack (>= 1, < 3)
    thor (0.20.3)
    thread_safe (0.3.6)
    tilt (2.0.9)
    timecop (0.9.1)
    timezone (0.5.0)
    twilio-ruby (3.11.6)
      builder (>= 2.1.2)
      jwt (>= 0.1.2)
      multi_json (>= 1.3.0)
    typhoeus (1.3.1)
      ethon (>= 0.9.0)
    tzinfo (1.2.10)
      thread_safe (~> 0.1)
    tzinfo-data (1.2019.2)
      tzinfo (>= 1.0.0)
    uglifier (4.1.20)
      execjs (>= 0.3.0, < 3)
    unicorn (4.9.0)
      kgio (~> 2.6)
      rack
      raindrops (~> 0.7)
    unicorn-worker-killer (0.4.4)
      get_process_mem (~> 0)
      unicorn (>= 4, < 6)
    uniform_notifier (1.9.0)
    vcr (2.9.3)
    vegas (0.1.11)
      rack (>= 1.0.0)
    webmock (1.24.6)
      addressable (>= 2.3.6)
      crack (>= 0.3.2)
      hashdiff
    websocket-driver (0.7.1)
      websocket-extensions (>= 0.1.0)
    websocket-extensions (0.1.4)
    websocket-rails (0.7.0)
      em-synchrony
      faye-websocket
      hiredis
      rack
      rails
      redis
      redis-objects
      thin
    xpath (3.2.0)
      nokogiri (~> 1.8)

PLATFORMS
  ruby

DEPENDENCIES
  aasm (= 3.4.0)
  activerecord-postgis-adapter (= 3.1.2)
  aws-sdk (= 2.6.12)
  barby (= 0.6.2)
  bcrypt (= 3.1.10)
  better_errors (= 2.1.1)
  bower-rails (~> 0.9.2)
  bullet (= 5.0.0)
  cancancan (~> 1.13)
  chromedriver-helper (~> 0.0.8)
  chunky_png (= 1.3.4)
  coffee-rails (~> 4.1.0)
  crypt_keeper (= 1.1.1)
  database_cleaner (~> 1.4)
  eth (= 0.4.4)
  execjs (= 2.7.0)
  factory_girl_rails (~> 4.5)
  faker (~> 1.4)
  faye-websocket (= 0.10.0)
  gcm (= 0.1.0)
  hiredis
  houston (= 2.2.3)
  jwt
  koala
  newrelic_rpm (~> 3.12)
  oj
  paper_trail (~> 4.0.0.beta)
  pg (~> 0.18)
  phantomjs (~> 1.9.8)
  poltergeist (~> 1.6)
  possessive (= 1.0.0)
  provide-ruby
  pry (~> 0.10)
  pry-highlight (~> 0.1)
  pry-stack_explorer (~> 0.4.9)
  rabl (= 0.11.6)
  rack-cors (>= 0.4.1)
  rails (= 4.2.11)
  recaptcha (= 1.1.0)
  redis (= 3.2.1)
  responders (~> 2.1)
  resque (= 1.25.2)
  resque-pool (= 0.6.0)
  resque-scheduler (= 4.0.0)
  resque_spec (~> 0.16)
  rolify (= 4.0.0)
  rspec-rails (~> 3.2)
  sass-rails (~> 5.0)
  settingslogic (~> 2.0.9)
  shortener (= 0.3.1)
  shoulda-matchers (~> 2.8)
  simplecov (~> 0.10)
  slim-rails (~> 3.1.1)
  stripe (= 3.3.1)
  stripe-rails (= 1.1.1)
  stripe-ruby-mock
  teaspoon (~> 0.8.0)
  timecop (~> 0.7)
  timezone (= 0.5.0)
  twilio-ruby (= 3.11.6)
  typhoeus (~> 1.3)
  tzinfo-data
  uglifier (>= 1.3.0)
  unicorn (~> 4.9)
  unicorn-worker-killer (= 0.4.4)
  vcr (~> 2.9)
  webmock (~> 1.20)
  websocket-rails (= 0.7.0)

RUBY VERSION
   ruby 2.4.2p198

BUNDLED WITH
   1.17.3
